PATH
  remote: .
  specs:
    str_metrics (0.1.0)
      ffi

GEM
  remote: https://rubygems.org/
  specs:
    RubyInline (3.12.5)
      ZenTest (~> 4.3)
    ZenTest (4.12.0)
    amatch (0.4.0)
      mize
      tins (~> 1.0)
    ast (2.4.0)
    coderay (1.1.2)
    diff-lcs (1.3)
    ffi (1.12.1)
    ffi-compiler (1.0.1)
      ffi (>= 1.0.0)
      rake
    fuzzy-string-match (1.0.1)
      RubyInline (>= 3.8.6)
    hotwater (0.1.2)
      ffi
      ffi-compiler
      rake
    jaro_winkler (1.5.4)
    method_source (0.9.2)
    mize (0.4.0)
      protocol (~> 2.0)
    parallel (1.19.1)
    parser (2.7.0.2)
      ast (~> 2.4.0)
    protocol (2.0.0)
      ruby_parser (~> 3.0)
    pry (0.12.2)
      coderay (~> 1.1.0)
      method_source (~> 0.9.0)
    rainbow (3.0.0)
    rake (12.3.3)
    rspec (3.9.0)
      rspec-core (~> 3.9.0)
      rspec-expectations (~> 3.9.0)
      rspec-mocks (~> 3.9.0)
    rspec-core (3.9.1)
      rspec-support (~> 3.9.1)
    rspec-expectations (3.9.0)
      diff-lcs (>= 1.2.0, < 2.0)
      rspec-support (~> 3.9.0)
    rspec-mocks (3.9.1)
      diff-lcs (>= 1.2.0, < 2.0)
      rspec-support (~> 3.9.0)
    rspec-support (3.9.2)
    rubocop (0.79.0)
      jaro_winkler (~> 1.5.1)
      parallel (~> 1.10)
      parser (>= 2.7.0.1)
      rainbow (>= 2.2.2, < 4.0)
      ruby-progressbar (~> 1.7)
      unicode-display_width (>= 1.4.0, < 1.7)
    rubocop-performance (1.5.2)
      rubocop (>= 0.71.0)
    rubocop-rspec (1.37.1)
      rubocop (>= 0.68.1)
    ruby-progressbar (1.10.1)
    ruby_parser (3.14.1)
      sexp_processor (~> 4.9)
    sexp_processor (4.13.0)
    sync (0.5.0)
    tins (1.24.0)
      sync
    unicode-display_width (1.6.1)

PLATFORMS
  ruby

DEPENDENCIES
  amatch
  fuzzy-string-match
  hotwater
  jaro_winkler
  pry
  rake (~> 12.0)
  rspec
  rubocop
  rubocop-performance
  rubocop-rspec
  str_metrics!

BUNDLED WITH
   2.1.4
